GEM
  remote: http://rubygems.org/
  specs:
    diff-lcs (1.1.2)
    log4r (1.1.9)
    net-ftp-list (3.2.0)
    net-sftp (2.0.5)
      net-ssh (>= 2.0.9)
    net-ssh (2.1.4)
    rspec (2.6.0)
      rspec-core (~> 2.6.0)
      rspec-expectations (~> 2.6.0)
      rspec-mocks (~> 2.6.0)
    rspec-core (2.6.4)
    rspec-expectations (2.6.0)
      diff-lcs (~> 1.1.2)
    rspec-mocks (2.6.0)

PLATFORMS
  java
  ruby

DEPENDENCIES
  log4r
  net-ftp-list
  net-sftp
  net-ssh
  rspec
